PATH
  remote: .
  specs:
    nuget_versions (1.0.0)

GEM
  remote: http://rubygems.org/
  specs:
    power_assert (1.1.3)
    rake (10.5.0)
    test-unit (3.2.8)
      power_assert

PLATFORMS
  x86-mingw32

DEPENDENCIES
  bundler (~> 1.3)!
  nuget_versions!
  rake (~> 10.0)!
  test-unit (~> 3.0)!

BUNDLED WITH
   1.16.1
