PATH
  remote: .
  specs:
    nuget_versions (1.0.2)

GEM
  specs:

GEM
  remote: http://rubygems.org/
  specs:
    power_assert (2.0.3)
    rake (13.0.6)
    test-unit (3.6.0)
      power_assert

PLATFORMS
  ruby
  x86-mingw32

DEPENDENCIES
  bundler (~> 2.4)!
  nuget_versions!
  rake (~> 13.0)!
  test-unit (~> 3.6)!

BUNDLED WITH
   2.4.14
