PATH
  remote: .
  specs:
    nuget_versions (0.9.0)

GEM
  remote: http://rubygems.org/
  specs:
    rake (10.5.0)

PLATFORMS
  x86-mingw32

DEPENDENCIES
  bundler (~> 1.3)!
  nuget_versions!
  rake (~> 10.0)!

BUNDLED WITH
   1.16.1
